GEM
  remote: https://ruby.taobao.org/
  specs:
    mini_portile2 (2.1.0)
    nokogiri (1.6.8.1)
      mini_portile2 (~> 2.1.0)
    roo (2.5.1)
      nokogiri (~> 1)
      rubyzip (~> 1.1, < 2.0.0)
    ruby-graphviz (1.2.2)
    rubyzip (1.2.0)

PLATFORMS
  ruby

DEPENDENCIES
  roo (~> 2.5.0)
  ruby-graphviz

BUNDLED WITH
   1.12.5
